PATH
  remote: .
  specs:
    ivy4r (0.12.6)
      Antwrap (>= 0.7.0)
      facets (>= 2.9.0)
      ivy4r-jars (>= 1.2.0)

GEM
  remote: http://rubygems.org/
  specs:
    Antwrap (0.7.0)
      hoe (>= 1.3.0)
      rjb (>= 1.0.3)
    Antwrap (0.7.0-java)
      hoe (>= 1.3.0)
    diff-lcs (1.1.2)
    facets (2.9.0)
    hoe (2.6.2)
      rake (>= 0.8.7)
      rubyforge (>= 2.0.4)
    ivy4r-jars (1.2.0)
    json_pure (1.4.6)
    mocha (0.9.8)
      rake
    rake (0.8.7)
    rjb (1.2.9)
    rr (1.0.0)
    rspec (2.0.1)
      rspec-core (~> 2.0.1)
      rspec-expectations (~> 2.0.1)
      rspec-mocks (~> 2.0.1)
    rspec-core (2.0.1)
    rspec-expectations (2.0.1)
      diff-lcs (>= 1.1.2)
    rspec-mocks (2.0.1)
      rspec-core (~> 2.0.1)
      rspec-expectations (~> 2.0.1)
    rubyforge (2.0.4)
      json_pure (>= 1.1.7)

PLATFORMS
  java
  ruby

DEPENDENCIES
  Antwrap (>= 0.7.0)
  facets (>= 2.9.0)
  ivy4r!
  ivy4r-jars (>= 1.2.0)
  mocha (>= 0.9.8)
  rr
  rspec (>= 2.0.0)
